PATH
  remote: .
  specs:
    auom (0.3.1)
      equalizer (~> 0.0.9)

GEM
  remote: https://rubygems.org/
  remote: https://oss:Px2ENN7S91OmWaD5G7MIQJi1dmtmYrEh@gem.mutant.dev/
  specs:
    abstract_type (0.0.7)
    adamantium (0.2.0)
      ice_nine (~> 0.11.0)
      memoizable (~> 0.4.0)
    anima (0.3.2)
      abstract_type (~> 0.0.7)
      adamantium (~> 0.2)
      equalizer (~> 0.0.11)
    ast (2.4.1)
    concord (0.1.6)
      adamantium (~> 0.2.0)
      equalizer (~> 0.0.9)
    diff-lcs (1.4.4)
    equalizer (0.0.11)
    ice_nine (0.11.2)
    memoizable (0.4.2)
      thread_safe (~> 0.3, >= 0.3.1)
    minitest (5.11.3)
    mprelude (0.1.0)
      abstract_type (~> 0.0.7)
      adamantium (~> 0.2.0)
      concord (~> 0.1.5)
      equalizer (~> 0.0.9)
      ice_nine (~> 0.11.1)
      procto (~> 0.0.2)
    mutant (0.9.14)
      abstract_type (~> 0.0.7)
      adamantium (~> 0.2.0)
      anima (~> 0.3.1)
      ast (~> 2.2)
      concord (~> 0.1.5)
      diff-lcs (~> 1.3)
      equalizer (~> 0.0.9)
      ice_nine (~> 0.11.1)
      memoizable (~> 0.4.2)
      mprelude (~> 0.1.0)
      parser (~> 2.7.1)
      procto (~> 0.0.2)
      unparser (~> 0.5.2)
      variable (~> 0.0.1)
    mutant-license (0.1.1.2.2355046999240944981729280251890364410689.1)
    mutant-minitest (0.9.14)
      minitest (~> 5.11)
      mutant (~> 0.9.14)
    mutant-rspec (0.9.14)
      mutant (~> 0.9.14)
      rspec-core (>= 3.8.0, < 4.0.0)
    parser (2.7.2.0)
      ast (~> 2.4.1)
    procto (0.0.3)
    rspec-core (3.8.2)
      rspec-support (~> 3.8.0)
    rspec-support (3.8.3)
    thread_safe (0.3.6)
    unparser (0.5.4)
      abstract_type (~> 0.0.7)
      adamantium (~> 0.2.0)
      anima (~> 0.3.1)
      concord (~> 0.1.5)
      diff-lcs (~> 1.3)
      equalizer (~> 0.0.9)
      mprelude (~> 0.1.0)
      parser (>= 2.6.5)
      procto (~> 0.0.2)
    variable (0.0.1)
      equalizer (~> 0.0.11)

PLATFORMS
  ruby

DEPENDENCIES
  auom!
  minitest (~> 5.11.3)
  mutant (~> 0.9.7)
  mutant-license!
  mutant-minitest (~> 0.9)
  mutant-rspec (~> 0.9)

BUNDLED WITH
   2.1.4
